GEM
  remote: https://rubygems.org/
  specs:
    concurrent-ruby (1.1.10)
    curb (1.0.1)
    dotenv (2.8.1)
    hash_dot (2.5.0)
    i18n (1.12.0)
      concurrent-ruby (~> 1.0)
    json (2.6.2)
    json-minify (0.0.3)
      json (> 0)
    money (6.16.0)
      i18n (>= 0.6.4, <= 2)
    mustermann (3.0.0)
      ruby2_keywords (~> 0.0.1)
    nio4r (2.5.8)
    puma (6.0.0)
      nio4r (~> 2.0)
    rack (2.2.4)
    rack-protection (3.0.2)
      rack
    ruby2_keywords (0.0.5)
    sinatra (3.0.2)
      mustermann (~> 3.0)
      rack (~> 2.2, >= 2.2.4)
      rack-protection (= 3.0.2)
      tilt (~> 2.0)
    sinatra-subdomain (0.4.0)
      sinatra
    stripe (7.1.0)
    tilt (2.0.11)

PLATFORMS
  x86_64-darwin-20

DEPENDENCIES
  curb
  dotenv
  hash_dot
  json-minify
  money
  puma
  sinatra
  sinatra-subdomain
  stripe

BUNDLED WITH
   2.3.7
